GIT
  remote: https://github.com/rspec/rspec
  revision: 95fbf88255de04e4ba8288172292bda494c4f187
  specs:
    rspec (3.14.0.pre)
      rspec-core (= 3.14.0.pre)
      rspec-expectations (= 3.14.0.pre)
      rspec-mocks (= 3.14.0.pre)

GIT
  remote: https://github.com/rspec/rspec
  revision: 95fbf88255de04e4ba8288172292bda494c4f187
  glob: rspec-core/rspec-core.gemspec
  specs:
    rspec-core (3.14.0.pre)
      rspec-support (= 3.14.0.pre)

GIT
  remote: https://github.com/rspec/rspec
  revision: 95fbf88255de04e4ba8288172292bda494c4f187
  glob: rspec-expectations/rspec-expectations.gemspec
  specs:
    rspec-expectations (3.14.0.pre)
      diff-lcs (>= 1.2.0, < 2.0)
      rspec-support (= 3.14.0.pre)

GIT
  remote: https://github.com/rspec/rspec
  revision: 95fbf88255de04e4ba8288172292bda494c4f187
  glob: rspec-mocks/rspec-mocks.gemspec
  specs:
    rspec-mocks (3.14.0.pre)
      diff-lcs (>= 1.2.0, < 2.0)
      rspec-support (= 3.14.0.pre)

GIT
  remote: https://github.com/rspec/rspec
  revision: 95fbf88255de04e4ba8288172292bda494c4f187
  glob: rspec-support/rspec-support.gemspec
  specs:
    rspec-support (3.14.0.pre)

PATH
  remote: .
  specs:
    tryouts (3.1.0)
      minitest (~> 5.0)
      rspec (~> 3.0)
      sysinfo (>= 0.8, < 1.0)

GEM
  remote: https://rubygems.org/
  specs:
    ast (2.4.3)
    byebug (12.0.0)
    coderay (1.1.3)
    diff-lcs (1.6.2)
    docile (1.4.1)
    drydock (0.6.9)
    json (2.12.2)
    language_server-protocol (3.17.0.5)
    lint_roller (1.1.0)
    method_source (1.1.0)
    minitest (5.25.5)
    parallel (1.27.0)
    parser (3.3.8.0)
      ast (~> 2.4.1)
      racc
    prettier_print (1.2.1)
    prism (1.4.0)
    pry (0.15.2)
      coderay (~> 1.1)
      method_source (~> 1.0)
    pry-byebug (3.11.0)
      byebug (~> 12.0)
      pry (>= 0.13, < 0.16)
    racc (1.8.1)
    rack (3.1.16)
    rack-proxy (0.7.7)
      rack
    rack-test (2.2.0)
      rack (>= 1.3)
    rainbow (3.1.1)
    regexp_parser (2.10.0)
    rubocop (1.77.0)
      json (~> 2.3)
      language_server-protocol (~> 3.17.0.2)
      lint_roller (~> 1.1.0)
      parallel (~> 1.10)
      parser (>= 3.3.0.2)
      rainbow (>= 2.2.2, < 4.0)
      regexp_parser (>= 2.9.3, < 3.0)
      rubocop-ast (>= 1.45.1, < 2.0)
      ruby-progressbar (~> 1.7)
      unicode-display_width (>= 2.4.0, < 4.0)
    rubocop-ast (1.45.1)
      parser (>= 3.3.7.2)
      prism (~> 1.4)
    rubocop-performance (1.25.0)
      lint_roller (~> 1.1)
      rubocop (>= 1.75.0, < 2.0)
      rubocop-ast (>= 1.38.0, < 2.0)
    rubocop-rspec (3.6.0)
      lint_roller (~> 1.1)
      rubocop (~> 1.72, >= 1.72.1)
    rubocop-thread_safety (0.7.3)
      lint_roller (~> 1.1)
      rubocop (~> 1.72, >= 1.72.1)
      rubocop-ast (>= 1.44.0, < 2.0)
    ruby-progressbar (1.13.0)
    simplecov (0.22.0)
      docile (~> 1.1)
      simplecov-html (~> 0.11)
      simplecov_json_formatter (~> 0.1)
    simplecov-html (0.13.1)
    simplecov_json_formatter (0.1.4)
    stackprof (0.2.27)
    storable (0.10.0)
    syntax_tree (6.2.0)
      prettier_print (>= 1.2.0)
    sysinfo (0.10.0)
      drydock (< 1.0)
      storable (~> 0.10)
    unicode-display_width (3.1.4)
      unicode-emoji (~> 4.0, >= 4.0.4)
    unicode-emoji (4.0.4)

PLATFORMS
  arm64-darwin-24
  ruby

DEPENDENCIES
  byebug
  prism (~> 1.0)
  pry
  pry-byebug
  rack-proxy
  rack-test
  rspec!
  rspec-core!
  rspec-expectations!
  rspec-mocks!
  rspec-support!
  rubocop
  rubocop-performance
  rubocop-rspec
  rubocop-thread_safety
  simplecov
  stackprof
  syntax_tree
  tryouts!

BUNDLED WITH
   2.6.9
