GIT
  remote: https://github.com/rspec/rspec
  revision: ce23a3ad7c8a418259eaddd46785476218adfc1b
  specs:
    rspec (4.0.0.pre)
      rspec-core (= 4.0.0.pre)
      rspec-expectations (= 4.0.0.pre)
      rspec-mocks (= 4.0.0.pre)

GIT
  remote: https://github.com/rspec/rspec
  revision: ce23a3ad7c8a418259eaddd46785476218adfc1b
  glob: rspec-core/rspec-core.gemspec
  specs:
    rspec-core (4.0.0.pre)
      rspec-support (= 4.0.0.pre)

GIT
  remote: https://github.com/rspec/rspec
  revision: ce23a3ad7c8a418259eaddd46785476218adfc1b
  glob: rspec-expectations/rspec-expectations.gemspec
  specs:
    rspec-expectations (4.0.0.pre)
      diff-lcs (>= 1.6.0, < 2.0)
      rspec-support (= 4.0.0.pre)

GIT
  remote: https://github.com/rspec/rspec
  revision: ce23a3ad7c8a418259eaddd46785476218adfc1b
  glob: rspec-mocks/rspec-mocks.gemspec
  specs:
    rspec-mocks (4.0.0.pre)
      diff-lcs (>= 1.6.0, < 2.0)
      rspec-support (= 4.0.0.pre)

GIT
  remote: https://github.com/rspec/rspec
  revision: ce23a3ad7c8a418259eaddd46785476218adfc1b
  glob: rspec-support/rspec-support.gemspec
  specs:
    rspec-support (4.0.0.pre)

PATH
  remote: .
  specs:
    tryouts (3.7.1)
      concurrent-ruby (~> 1.0, < 2)
      irb
      minitest (~> 5.0)
      pastel (~> 0.8)
      prism (~> 1.0)
      rspec (>= 3.0, < 5.0)
      tty-cursor (~> 0.7)
      tty-screen (~> 0.8)

GEM
  remote: https://rubygems.org/
  specs:
    ast (2.4.3)
    concurrent-ruby (1.3.5)
    date (3.4.1)
    debug (1.11.0)
      irb (~> 1.10)
      reline (>= 0.3.8)
    diff-lcs (1.6.2)
    docile (1.4.1)
    erb (5.0.2)
    io-console (0.8.1)
    irb (1.15.2)
      pp (>= 0.6.0)
      rdoc (>= 4.0.0)
      reline (>= 0.4.2)
    json (2.12.2)
    language_server-protocol (3.17.0.5)
    lint_roller (1.1.0)
    logger (1.7.0)
    minitest (5.25.5)
    parallel (1.27.0)
    parser (3.3.8.0)
      ast (~> 2.4.1)
      racc
    pastel (0.8.0)
      tty-color (~> 0.5)
    pp (0.6.2)
      prettyprint
    prettier_print (1.2.1)
    prettyprint (0.2.0)
    prism (1.4.0)
    psych (5.2.6)
      date
      stringio
    racc (1.8.1)
    rack (3.1.16)
    rack-test (2.2.0)
      rack (>= 1.3)
    rainbow (3.1.1)
    rbs (3.9.5)
      logger
    rdoc (6.14.2)
      erb
      psych (>= 4.0.0)
    regexp_parser (2.10.0)
    reline (0.6.2)
      io-console (~> 0.5)
    rubocop (1.81.1)
      json (~> 2.3)
      language_server-protocol (~> 3.17.0.2)
      lint_roller (~> 1.1.0)
      parallel (~> 1.10)
      parser (>= 3.3.0.2)
      rainbow (>= 2.2.2, < 4.0)
      regexp_parser (>= 2.9.3, < 3.0)
      rubocop-ast (>= 1.47.1, < 2.0)
      ruby-progressbar (~> 1.7)
      unicode-display_width (>= 2.4.0, < 4.0)
    rubocop-ast (1.47.1)
      parser (>= 3.3.7.2)
      prism (~> 1.4)
    rubocop-performance (1.25.0)
      lint_roller (~> 1.1)
      rubocop (>= 1.75.0, < 2.0)
      rubocop-ast (>= 1.38.0, < 2.0)
    rubocop-rspec (3.6.0)
      lint_roller (~> 1.1)
      rubocop (~> 1.72, >= 1.72.1)
    rubocop-thread_safety (0.7.3)
      lint_roller (~> 1.1)
      rubocop (~> 1.72, >= 1.72.1)
      rubocop-ast (>= 1.44.0, < 2.0)
    ruby-lsp (0.26.1)
      language_server-protocol (~> 3.17.0)
      prism (>= 1.2, < 2.0)
      rbs (>= 3, < 5)
    ruby-progressbar (1.13.0)
    simplecov (0.22.0)
      docile (~> 1.1)
      simplecov-html (~> 0.11)
      simplecov_json_formatter (~> 0.1)
    simplecov-html (0.13.1)
    simplecov_json_formatter (0.1.4)
    stackprof (0.2.27)
    stringio (3.1.7)
    syntax_tree (6.2.0)
      prettier_print (>= 1.2.0)
    tty-color (0.6.0)
    tty-cursor (0.7.1)
    tty-screen (0.8.2)
    unicode-display_width (3.1.4)
      unicode-emoji (~> 4.0, >= 4.0.4)
    unicode-emoji (4.0.4)

PLATFORMS
  arm64-darwin-24
  ruby

DEPENDENCIES
  debug
  rack-test
  rspec!
  rspec-core!
  rspec-expectations!
  rspec-mocks!
  rspec-support!
  rubocop (~> 1.81.1)
  rubocop-performance
  rubocop-rspec
  rubocop-thread_safety
  ruby-lsp
  simplecov
  stackprof
  syntax_tree
  tryouts!

BUNDLED WITH
   2.6.9
