GEM
  remote: https://rubygems.org/
  specs:
    ast (2.4.2)
    diff-lcs (1.5.1)
    drydock (0.6.9)
    json (2.7.1)
    parallel (1.24.0)
    parser (3.3.0.5)
      ast (~> 2.4.1)
      racc
    racc (1.7.3)
    rainbow (3.1.1)
    regexp_parser (2.9.0)
    rexml (3.3.0)
      strscan
    rspec (3.13.0)
      rspec-core (~> 3.13.0)
      rspec-expectations (~> 3.13.0)
      rspec-mocks (~> 3.13.0)
    rspec-core (3.13.0)
      rspec-support (~> 3.13.0)
    rspec-expectations (3.13.0)
      diff-lcs (>= 1.2.0, < 2.0)
      rspec-support (~> 3.13.0)
    rspec-mocks (3.13.0)
      diff-lcs (>= 1.2.0, < 2.0)
      rspec-support (~> 3.13.0)
    rspec-support (3.13.1)
    rubocop (1.50.2)
      json (~> 2.3)
      parallel (~> 1.10)
      parser (>= 3.2.0.0)
      rainbow (>= 2.2.2, < 4.0)
      regexp_parser (>= 1.8, < 3.0)
      rexml (>= 3.2.5, < 4.0)
      rubocop-ast (>= 1.28.0, < 2.0)
      ruby-progressbar (~> 1.7)
      unicode-display_width (>= 2.4.0, < 3.0)
    rubocop-ast (1.30.0)
      parser (>= 3.2.1.0)
    ruby-progressbar (1.13.0)
    ruby_tree_sitter (1.8.0)
      sorbet-runtime
      zeitwerk
    ruby_tree_sitter (1.8.0-arm64-darwin)
      sorbet-runtime
      zeitwerk
    sorbet-runtime (0.5.11645)
    storable (0.10.0)
    strscan (3.1.0)
    sysinfo (0.10.0)
      drydock (< 1.0)
      storable (~> 0.10)
    tree_stand (0.2.0)
      ruby_tree_sitter
      sorbet-runtime
      zeitwerk
    unicode-display_width (2.5.0)
    zeitwerk (2.7.1)

PLATFORMS
  arm64-darwin-23
  ruby

DEPENDENCIES
  rspec
  rubocop
  sysinfo (~> 0.10)
  tree_stand (~> 0.2.0)

RUBY VERSION
   ruby 3.1.4p223

BUNDLED WITH
   2.4.12
